GEM
  remote: https://rubygems.org/
  specs:
    midi-jruby (0.0.12)
    minitest (5.0.6)
    unimidi (0.3.3-java)
      midi-jruby

PLATFORMS
  java

DEPENDENCIES
  minitest
  unimidi
